PATH
  remote: .
  specs:
    perftest-toolkit-buddhi (2.0.0)
      3scale-api (~> 0.6.0)
      slop (~> 4.4)

GEM
  remote: https://rubygems.org/
  specs:
    3scale-api (0.6.0)
    diff-lcs (1.3)
    docile (1.3.1)
    json (1.8.6)
    rake (13.0.1)
    rspec (3.7.0)
      rspec-core (~> 3.7.0)
      rspec-expectations (~> 3.7.0)
      rspec-mocks (~> 3.7.0)
    rspec-collection_matchers (1.1.3)
      rspec-expectations (>= 2.99.0.beta1)
    rspec-core (3.7.1)
      rspec-support (~> 3.7.0)
    rspec-expectations (3.7.0)
      diff-lcs (>= 1.2.0, < 2.0)
      rspec-support (~> 3.7.0)
    rspec-mocks (3.7.0)
      diff-lcs (>= 1.2.0, < 2.0)
      rspec-support (~> 3.7.0)
    rspec-support (3.7.1)
    simplecov (0.16.1)
      docile (~> 1.1)
      json (>= 1.8, < 3)
      simplecov-html (~> 0.10.0)
    simplecov-html (0.10.2)
    slop (4.7.0)

PLATFORMS
  ruby

DEPENDENCIES
  bundler (~> 1.14)
  perftest-toolkit-buddhi!
  rake (~> 13.0)
  rspec (~> 3.5)
  rspec-collection_matchers
  simplecov

BUNDLED WITH
   1.16.1
