PATH
  remote: .
  specs:
    perftest-toolkit-buddhi (2.0.0)
      3scale-api (~> 1.4)
      concurrent-ruby (~> 1.1)
      slop (~> 4.4)

GEM
  remote: https://rubygems.org/
  specs:
    3scale-api (1.4.0)
    concurrent-ruby (1.1.8)
    diff-lcs (1.3)
    rake (13.0.1)
    rspec (3.7.0)
      rspec-core (~> 3.7.0)
      rspec-expectations (~> 3.7.0)
      rspec-mocks (~> 3.7.0)
    rspec-collection_matchers (1.1.3)
      rspec-expectations (>= 2.99.0.beta1)
    rspec-core (3.7.1)
      rspec-support (~> 3.7.0)
    rspec-expectations (3.7.0)
      diff-lcs (>= 1.2.0, < 2.0)
      rspec-support (~> 3.7.0)
    rspec-mocks (3.7.0)
      diff-lcs (>= 1.2.0, < 2.0)
      rspec-support (~> 3.7.0)
    rspec-support (3.7.1)
    slop (4.8.2)

PLATFORMS
  ruby

DEPENDENCIES
  bundler
  perftest-toolkit-buddhi!
  rake (~> 13.0)
  rspec (~> 3.5)
  rspec-collection_matchers

BUNDLED WITH
   2.1.4
