PATH
  remote: .
  specs:
    perftest-toolkit-buddhi (1.1.0)
      pisoni (~> 1.23.1)
      slop (~> 4.4)

GEM
  remote: https://rubygems.org/
  specs:
    connection_pool (2.2.2)
    diff-lcs (1.3)
    docile (1.3.1)
    faraday (0.15.2)
      multipart-post (>= 1.2, < 3)
    injectedlogger (0.0.13)
    json (1.8.6)
    multipart-post (2.0.0)
    net-http-persistent (3.0.0)
      connection_pool (~> 2.2)
    pisoni (1.23.2)
      faraday (>= 0.9.1)
      injectedlogger (>= 0.0.13)
      json (>= 1.8.1)
      net-http-persistent
    rake (10.5.0)
    rspec (3.7.0)
      rspec-core (~> 3.7.0)
      rspec-expectations (~> 3.7.0)
      rspec-mocks (~> 3.7.0)
    rspec-collection_matchers (1.1.3)
      rspec-expectations (>= 2.99.0.beta1)
    rspec-core (3.7.1)
      rspec-support (~> 3.7.0)
    rspec-expectations (3.7.0)
      diff-lcs (>= 1.2.0, < 2.0)
      rspec-support (~> 3.7.0)
    rspec-mocks (3.7.0)
      diff-lcs (>= 1.2.0, < 2.0)
      rspec-support (~> 3.7.0)
    rspec-support (3.7.1)
    simplecov (0.16.1)
      docile (~> 1.1)
      json (>= 1.8, < 3)
      simplecov-html (~> 0.10.0)
    simplecov-html (0.10.2)
    slop (4.6.2)

PLATFORMS
  ruby

DEPENDENCIES
  bundler (~> 1.14)
  perftest-toolkit-buddhi!
  rake (~> 10.0)
  rspec (~> 3.5)
  rspec-collection_matchers
  simplecov

BUNDLED WITH
   1.16.1
